PATH
  remote: .
  specs:
    nuklear (0.1.1)

GEM
  remote: https://rubygems.org/
  specs:
    minitest (5.15.0)
    opengl-bindings (1.6.12)
    rake (13.0.6)
    rake-compiler (1.1.9)
      rake
    ruby-sdl2 (0.3.5)

PLATFORMS
  ruby

DEPENDENCIES
  bundler (>= 2.0)
  minitest (>= 5.0)
  nuklear!
  opengl-bindings
  rake (>= 10.0)
  rake-compiler
  ruby-sdl2

BUNDLED WITH
   2.2.3
